GEM
  remote: https://rubygems.org/
  specs:
    activesupport (7.0.3.1)
      concurrent-ruby (~> 1.0, >= 1.0.2)
      i18n (>= 1.6, < 2)
      minitest (>= 5.1)
      tzinfo (~> 2.0)
    addressable (2.8.1)
      public_suffix (>= 2.0.2, < 6.0)
    ast (2.4.2)
    climate_control (0.2.0)
    coderay (1.1.2)
    concurrent-ruby (1.1.10)
    crack (0.4.5)
      rexml
    dalli (3.0.4)
    diff-lcs (1.5.0)
    faraday (0.17.4)
      multipart-post (>= 1.2, < 3)
    hashdiff (1.0.1)
    i18n (1.12.0)
      concurrent-ruby (~> 1.0)
    json (2.6.2)
    kgio (2.11.2)
    memcachier (0.0.2)
    method_source (0.9.0)
    minitest (5.16.3)
    multipart-post (2.1.1)
    mustermann (2.0.2)
      ruby2_keywords (~> 0.0.1)
    octokit (4.12.0)
      sawyer (~> 0.8.0, >= 0.5.3)
    parallel (1.22.1)
    parser (3.1.2.1)
      ast (~> 2.4.1)
    pry (0.11.3)
      coderay (~> 1.1.0)
      method_source (~> 0.9.0)
    public_suffix (5.0.0)
    rack (2.2.4)
    rack-protection (2.2.2)
      rack
    rack-test (2.0.2)
      rack (>= 1.3)
    rainbow (3.1.1)
    raindrops (0.19.0)
    rake (12.3.3)
    regexp_parser (2.5.0)
    rexml (3.2.5)
    rspec (3.11.0)
      rspec-core (~> 3.11.0)
      rspec-expectations (~> 3.11.0)
      rspec-mocks (~> 3.11.0)
    rspec-core (3.11.0)
      rspec-support (~> 3.11.0)
    rspec-expectations (3.11.0)
      diff-lcs (>= 1.2.0, < 2.0)
      rspec-support (~> 3.11.0)
    rspec-mocks (3.11.0)
      diff-lcs (>= 1.2.0, < 2.0)
      rspec-support (~> 3.11.0)
    rspec-support (3.11.0)
    rubocop (1.35.0)
      json (~> 2.3)
      parallel (~> 1.10)
      parser (>= 3.1.2.1)
      rainbow (>= 2.2.2, < 4.0)
      regexp_parser (>= 1.8, < 3.0)
      rexml (>= 3.2.5, < 4.0)
      rubocop-ast (>= 1.20.1, < 2.0)
      ruby-progressbar (~> 1.7)
      unicode-display_width (>= 1.4.0, < 3.0)
    rubocop-ast (1.21.0)
      parser (>= 3.1.1.0)
    rubocop-govuk (4.7.0)
      rubocop (= 1.35.0)
      rubocop-ast (= 1.21.0)
      rubocop-rails (= 2.15.2)
      rubocop-rake (= 0.6.0)
      rubocop-rspec (= 2.12.1)
    rubocop-rails (2.15.2)
      activesupport (>= 4.2.0)
      rack (>= 1.1)
      rubocop (>= 1.7.0, < 2.0)
    rubocop-rake (0.6.0)
      rubocop (~> 1.0)
    rubocop-rspec (2.12.1)
      rubocop (~> 1.31)
    ruby-progressbar (1.11.0)
    ruby2_keywords (0.0.5)
    sawyer (0.8.2)
      addressable (>= 2.3.5)
      faraday (> 0.8, < 2.0)
    sinatra (2.2.2)
      mustermann (~> 2.0)
      rack (~> 2.2)
      rack-protection (= 2.2.2)
      tilt (~> 2.0)
    slack-poster (2.2.1)
      faraday (~> 0.9)
    tilt (2.0.11)
    timecop (0.9.5)
    tzinfo (2.0.5)
      concurrent-ruby (~> 1.0)
    unicode-display_width (2.2.0)
    unicorn (5.4.1)
      kgio (~> 2.6)
      raindrops (~> 0.7)
    vcr (5.0.0)
    webmock (3.18.1)
      addressable (>= 2.8.0)
      crack (>= 0.3.2)
      hashdiff (>= 0.4.0, < 2.0.0)

PLATFORMS
  ruby

DEPENDENCIES
  activesupport
  climate_control (~> 0.2)
  dalli
  memcachier
  octokit (~> 4.3)
  pry (~> 0.11.3)
  rack-test (~> 2.0.2)
  rake (~> 12.3.0)
  rspec (~> 3.11.0)
  rubocop-govuk
  sinatra
  slack-poster (~> 2.2)
  timecop (~> 0.9.5)
  unicorn
  vcr
  webmock

RUBY VERSION
   ruby 2.7.6

BUNDLED WITH
   2.1.4
